GEM
  remote: https://rubygems.org/
  specs:
    addressable (2.4.0)
    autoparse (0.3.3)
      addressable (>= 2.3.1)
      extlib (>= 0.9.15)
      multi_json (>= 1.0.0)
    builder (3.2.2)
    css_parser (1.6.0)
      addressable
    diff-lcs (1.2.5)
    extlib (0.9.16)
    faraday (0.8.11)
      multipart-post (~> 1.2.0)
    google-api-client (0.6.4)
      addressable (>= 2.3.2)
      autoparse (>= 0.3.3)
      extlib (>= 0.9.15)
      faraday (~> 0.8.4)
      jwt (>= 0.1.5)
      launchy (>= 2.1.1)
      multi_json (>= 1.0.0)
      signet (~> 0.4.5)
      uuidtools (>= 2.1.0)
    jwt (0.1.13)
      multi_json (>= 1.5)
    launchy (2.4.3)
      addressable (~> 2.3)
    mini_portile2 (2.3.0)
    multi_json (1.11.2)
    multipart-post (1.2.0)
    nokogiri (1.8.4)
      mini_portile2 (~> 2.3.0)
    nokogiri (1.8.4-x64-mingw32)
      mini_portile2 (~> 2.3.0)
    rspec (3.4.0)
      rspec-core (~> 3.4.0)
      rspec-expectations (~> 3.4.0)
      rspec-mocks (~> 3.4.0)
    rspec-core (3.4.1)
      rspec-support (~> 3.4.0)
    rspec-expectations (3.4.0)
      diff-lcs (>= 1.2.0, < 2.0)
      rspec-support (~> 3.4.0)
    rspec-mocks (3.4.1)
      diff-lcs (>= 1.2.0, < 2.0)
      rspec-support (~> 3.4.0)
    rspec-support (3.4.1)
    rspec_junit_formatter (0.2.3)
      builder (< 4)
      rspec-core (>= 2, < 4, != 2.12.0)
    signet (0.4.5)
      addressable (>= 2.2.3)
      faraday (~> 0.8.1)
      jwt (>= 0.1.5)
      multi_json (>= 1.0.0)
    thor (0.19.1)
    uuidtools (2.1.5)

PLATFORMS
  ruby
  x64-mingw32

DEPENDENCIES
  css_parser (~> 1.6)
  google-api-client (= 0.6.4)
  jwt (~> 0.1.4)
  nokogiri
  rspec (>= 3.1)
  rspec_junit_formatter
  thor

BUNDLED WITH
   1.16.3
